GEM
  remote: https://rubygems.org/
  specs:
    bcrypt (3.1.11)
    builder (3.2.2)
    jwt (1.5.6)
    multi_json (1.12.1)
    rack (1.6.4)
    rack-protection (1.5.3)
      rack
    sequel (4.40.0)
    sinatra (1.4.7)
      rack (~> 1.5)
      rack-protection (~> 1.4)
      tilt (>= 1.3, < 3)
    sqlite3 (1.3.12)
    tilt (2.0.5)
    twilio-ruby (4.13.0)
      builder (>= 2.1.2)
      jwt (~> 1.0)
      multi_json (>= 1.3.0)

PLATFORMS
  ruby

DEPENDENCIES
  bcrypt
  sequel
  sinatra
  sqlite3
  twilio-ruby

BUNDLED WITH
   1.13.6
